GEM
  remote: https://rubygems.org/
  specs:
    hpricot (0.8.6)
    imdb (0.7.0)
      hpricot (~> 0.8.6)

PLATFORMS
  ruby
  x86-mingw32

DEPENDENCIES
  imdb
